GEM
  remote: http://rubygems.org/
  specs:
    POpen4 (0.1.4)
      Platform (>= 0.4.0)
      open4
    Platform (0.4.0)
    addressable (2.2.6)
    amqp (0.6.7)
      eventmachine (>= 0.12.4)
    bluecloth (2.0.9)
    chronic (0.2.3)
      hoe (>= 1.2.1)
    coffee-script (2.2.0)
      coffee-script-source
      execjs
    coffee-script-source (1.1.2)
    couchrest (1.0.1)
      json (>= 1.4.6)
      mime-types (>= 1.15)
      rest-client (>= 1.5.1)
    daemon-kit (0.1.8.1)
      eventmachine (>= 0.12.10)
    diff-lcs (1.1.2)
    em-proxy (0.1.5)
      eventmachine
    em-websocket (0.3.5)
      addressable (>= 2.1.1)
      eventmachine (>= 0.12.9)
    eventmachine (0.12.10)
    eventmachine_httpserver (0.2.1)
    execjs (1.2.9)
      multi_json (~> 1.0)
    git (1.2.5)
    haml (3.1.3)
    highline (1.6.1)
    hoe (2.6.2)
      rake (>= 0.8.7)
      rubyforge (>= 2.0.4)
    json (1.4.6)
    json_pure (1.4.6)
    macaddr (1.0.0)
    mime-types (1.17.2)
    multi_json (1.0.3)
    net-scp (1.0.4)
      net-ssh (>= 1.99.1)
    net-ssh (2.0.23)
    open4 (1.2.0)
    rack (1.2.1)
    rainbow (1.1.1)
    rake (0.9.2.2)
    rest-client (1.6.1)
      mime-types (>= 1.16)
    rspec (2.1.0)
      rspec-core (~> 2.1.0)
      rspec-expectations (~> 2.1.0)
      rspec-mocks (~> 2.1.0)
    rspec-core (2.1.0)
    rspec-expectations (2.1.0)
      diff-lcs (~> 1.1.2)
    rspec-mocks (2.1.0)
    rubybits (0.2.0)
    rubyforge (2.0.4)
      json_pure (>= 1.1.7)
    sass (3.1.10)
    serialport (1.0.4)
    sinatra (1.1.0)
      rack (~> 1.1)
      tilt (~> 1.1)
    slinky (0.5.0)
      coffee-script (>= 2.2.0)
      em-proxy (>= 0.1.5)
      eventmachine (>= 0.12.0)
      eventmachine_httpserver (>= 0.2.0)
      haml (>= 3.0.0)
      mime-types (>= 1.16)
      rainbow (>= 1.1.1)
      sass (>= 3.1.1)
      yui-compressor (>= 0.9.6)
    state_machine (1.0.3)
    tilt (1.1)
    uuidtools (2.1.1)
    wol (0.4.0)
    yard (0.6.1)
    yui-compressor (0.9.6)
      POpen4 (>= 0.1.4)

PLATFORMS
  ruby

DEPENDENCIES
  amqp
  bluecloth
  chronic
  couchrest
  daemon-kit
  em-websocket
  eventmachine
  eventmachine_httpserver
  git
  highline (= 1.6.1)
  json
  macaddr
  net-scp
  net-ssh
  rake
  rspec
  rubybits
  serialport
  sinatra
  slinky
  state_machine
  uuidtools
  wol
  yard
